PATH
  remote: .
  specs:
    wfrmls (0.3.4)
      StreetAddress
      activesupport
      configliere
      i18n
      watir

GEM
  remote: http://rubygems.org/
  specs:
    StreetAddress (1.0.3)
    activesupport (3.1.2)
      multi_json (~> 1.0)
    builder (3.0.0)
    commonwatir (2.0.4)
      user-choices
    configliere (0.4.8)
      json
    ffi (1.0.11)
    ffi (1.0.11-x86-mingw32)
    flexmock (0.9.0)
    hoe (2.12.3)
      rake (~> 0.8)
    i18n (0.6.0)
    json (1.6.1)
    multi_json (1.0.3)
    nokogiri (1.5.0)
    nokogiri (1.5.0-x86-mingw32)
    rake (0.9.2.2)
    rautomation (0.6.3)
    s4t-utils (1.0.4)
      hoe (>= 1.3.0)
    user-choices (1.1.6.1)
      builder (>= 2.1.2)
      s4t-utils (>= 1.0.3)
      xml-simple (>= 1.0.11)
    watir (2.0.4)
      commonwatir (= 2.0.4)
      ffi (~> 1.0)
      nokogiri
      rautomation (~> 0.6.3)
      win32-process (>= 0.5.5)
      windows-pr (>= 0.6.6)
    win32-api (1.4.8-x86-mingw32)
    win32-process (0.6.5)
      windows-pr (>= 1.1.2)
    windows-api (0.4.1)
      win32-api (>= 1.4.5)
    windows-pr (1.2.1)
      win32-api (>= 1.4.5)
      windows-api (>= 0.3.0)
    xml-simple (1.1.1)

PLATFORMS
  x86-mingw32

DEPENDENCIES
  flexmock
  rake
  wfrmls!
